GEM
  remote: https://rubygems.org/
  specs:
    configliere (0.4.18)
      highline (>= 1.5.2)
      multi_json (>= 1.1)
    diff-lcs (1.2.5)
    ffi (1.9.3)
    ffi (1.9.3-x86-mingw32)
    gli (2.9.0)
    highline (1.6.20)
    mail (2.5.4)
      mime-types (~> 1.16)
      treetop (~> 1.4.8)
    mime (0.2.0)
    mime-types (1.25.1)
    multi_json (1.9.0)
    pi_piper (1.3.2)
      ffi
    polyglot (0.3.3)
    rspec (2.14.1)
      rspec-core (~> 2.14.0)
      rspec-expectations (~> 2.14.0)
      rspec-mocks (~> 2.14.0)
    rspec-core (2.14.7)
    rspec-expectations (2.14.4)
      diff-lcs (>= 1.1.3, < 2.0)
    rspec-mocks (2.14.4)
    ruby-gmail (0.3.0)
      mail (>= 2.2.1)
      mime (>= 0.1)
      shared-mime-info
    shared-mime-info (0.2.5)
    treetop (1.4.15)
      polyglot
      polyglot (>= 0.3.1)
    yell (2.0.2)

PLATFORMS
  ruby
  x86-mingw32

DEPENDENCIES
  configliere (~> 0.4.18)
  gli (~> 2.9.0)
  pi_piper (~> 1.3.2)
  rspec
  ruby-gmail (~> 0.3.0)
  yell (~> 2.0.1)
